GIT
  remote: https://github.com/rails/rails.git
  revision: 07db688eda60ce0e57432f2299be0abf75da953f
  branch: main
  specs:
    actioncable (8.1.0.beta1)
      actionpack (= 8.1.0.beta1)
      activesupport (= 8.1.0.beta1)
      nio4r (~> 2.0)
      websocket-driver (>= 0.6.1)
      zeitwerk (~> 2.6)
    actionmailbox (8.1.0.beta1)
      actionpack (= 8.1.0.beta1)
      activejob (= 8.1.0.beta1)
      activerecord (= 8.1.0.beta1)
      activestorage (= 8.1.0.beta1)
      activesupport (= 8.1.0.beta1)
      mail (>= 2.8.0)
    actionmailer (8.1.0.beta1)
      actionpack (= 8.1.0.beta1)
      actionview (= 8.1.0.beta1)
      activejob (= 8.1.0.beta1)
      activesupport (= 8.1.0.beta1)
      mail (>= 2.8.0)
      rails-dom-testing (~> 2.2)
    actionpack (8.1.0.beta1)
      actionview (= 8.1.0.beta1)
      activesupport (= 8.1.0.beta1)
      nokogiri (>= 1.8.5)
      rack (>= 2.2.4)
      rack-session (>= 1.0.1)
      rack-test (>= 0.6.3)
      rails-dom-testing (~> 2.2)
      rails-html-sanitizer (~> 1.6)
      useragent (~> 0.16)
    actiontext (8.1.0.beta1)
      action_text-trix (~> 2.1.15)
      actionpack (= 8.1.0.beta1)
      activerecord (= 8.1.0.beta1)
      activestorage (= 8.1.0.beta1)
      activesupport (= 8.1.0.beta1)
      globalid (>= 0.6.0)
      nokogiri (>= 1.8.5)
    actionview (8.1.0.beta1)
      activesupport (= 8.1.0.beta1)
      builder (~> 3.1)
      erubi (~> 1.11)
      rails-dom-testing (~> 2.2)
      rails-html-sanitizer (~> 1.6)
    activejob (8.1.0.beta1)
      activesupport (= 8.1.0.beta1)
      globalid (>= 0.3.6)
    activemodel (8.1.0.beta1)
      activesupport (= 8.1.0.beta1)
    activerecord (8.1.0.beta1)
      activemodel (= 8.1.0.beta1)
      activesupport (= 8.1.0.beta1)
      timeout (>= 0.4.0)
    activestorage (8.1.0.beta1)
      actionpack (= 8.1.0.beta1)
      activejob (= 8.1.0.beta1)
      activerecord (= 8.1.0.beta1)
      activesupport (= 8.1.0.beta1)
      marcel (~> 1.0)
    activesupport (8.1.0.beta1)
      base64
      benchmark (>= 0.3)
      bigdecimal
      concurrent-ruby (~> 1.0, >= 1.3.1)
      connection_pool (>= 2.2.5)
      drb
      i18n (>= 1.6, < 2)
      logger (>= 1.4.2)
      minitest (>= 5.1)
      securerandom (>= 0.3)
      tzinfo (~> 2.0, >= 2.0.5)
      uri (>= 0.13.1)
    rails (8.1.0.beta1)
      actioncable (= 8.1.0.beta1)
      actionmailbox (= 8.1.0.beta1)
      actionmailer (= 8.1.0.beta1)
      actionpack (= 8.1.0.beta1)
      actiontext (= 8.1.0.beta1)
      actionview (= 8.1.0.beta1)
      activejob (= 8.1.0.beta1)
      activemodel (= 8.1.0.beta1)
      activerecord (= 8.1.0.beta1)
      activestorage (= 8.1.0.beta1)
      activesupport (= 8.1.0.beta1)
      bundler (>= 1.15.0)
      railties (= 8.1.0.beta1)
    railties (8.1.0.beta1)
      actionpack (= 8.1.0.beta1)
      activesupport (= 8.1.0.beta1)
      irb (~> 1.13)
      rackup (>= 1.0.0)
      rake (>= 12.2)
      thor (~> 1.0, >= 1.2.2)
      tsort (>= 0.2)
      zeitwerk (~> 2.6)

GEM
  remote: https://rubygems.org/
  specs:
    action_text-trix (2.1.15)
      railties
    actioncable-next (0.2.0)
      actionpack (>= 7.0, <= 8.1)
      activesupport (>= 7.0, <= 8.1)
      nio4r (~> 2.0)
      websocket-driver (>= 0.6.1)
      zeitwerk (~> 2.6)
    addressable (2.8.7)
      public_suffix (>= 2.0.2, < 7.0)
    agent-context (0.3.0)
      bake (>= 0.23)
    async (2.32.0)
      console (~> 1.29)
      fiber-annotation
      io-event (~> 1.11)
      metrics (~> 0.12)
      traces (~> 0.18)
    async-cable (0.3.0)
      actioncable-next
      async (~> 2.9)
      async-websocket
    async-container (0.27.0)
      async (~> 2.22)
    async-container-supervisor (0.5.2)
      async-container (~> 0.22)
      async-service
      io-endpoint
      io-stream
      memory-leak (~> 0.5)
    async-http (0.91.0)
      async (>= 2.10.2)
      async-pool (~> 0.11)
      io-endpoint (~> 0.14)
      io-stream (~> 0.6)
      metrics (~> 0.12)
      protocol-http (~> 0.49)
      protocol-http1 (~> 0.30)
      protocol-http2 (~> 0.22)
      traces (~> 0.10)
    async-http-cache (0.4.5)
      async-http (~> 0.56)
    async-job (0.11.1)
      async (~> 2.9)
      string-format (~> 0.2)
    async-job-adapter-active_job (0.18.3)
      async-job (~> 0.9)
      async-service (~> 0.12)
    async-job-processor-redis (0.3.1)
      async-job (~> 0.10)
      async-redis
    async-ollama (0.8.0)
      async
      async-rest
    async-pool (0.11.0)
      async (>= 2.0)
    async-redis (0.13.0)
      async (~> 2.10)
      async-pool (~> 0.2)
      io-endpoint (~> 0.10)
      io-stream (~> 0.4)
      protocol-redis (~> 0.11)
    async-rest (0.19.1)
      async-http (~> 0.42)
      protocol-http (~> 0.45)
    async-service (0.14.4)
      async
      async-container (~> 0.16)
      string-format (~> 0.2)
    async-websocket (0.30.0)
      async-http (~> 0.76)
      protocol-http (~> 0.34)
      protocol-rack (~> 0.7)
      protocol-websocket (~> 0.17)
    bake (0.24.1)
      bigdecimal
      samovar (~> 2.1)
    base64 (0.3.0)
    benchmark (0.4.1)
    bigdecimal (3.2.3)
    bindex (0.8.1)
    bootsnap (1.18.6)
      msgpack (~> 1.2)
    builder (3.3.0)
    capybara (3.40.0)
      addressable
      matrix
      mini_mime (>= 0.1.3)
      nokogiri (~> 1.11)
      rack (>= 1.6.0)
      rack-test (>= 0.6.3)
      regexp_parser (>= 1.5, < 3.0)
      xpath (~> 3.2)
    concurrent-ruby (1.3.5)
    connection_pool (2.5.4)
    console (1.34.0)
      fiber-annotation
      fiber-local (~> 1.1)
      json
    console-adapter-rails (0.4.1)
      console (~> 1.21)
      fiber-storage (~> 1.0)
      rails (>= 6.1)
    console-output-datadog (0.5.0)
      console
      datadog
    crass (1.0.6)
    datadog (2.21.0)
      datadog-ruby_core_source (~> 3.4, >= 3.4.1)
      libdatadog (~> 18.1.0.1.0)
      libddwaf (~> 1.24.1.2.1)
      logger
      msgpack
    datadog-ruby_core_source (3.4.1)
    date (3.4.1)
    dogstatsd-ruby (5.7.1)
    drb (2.2.3)
    erb (5.0.2)
    erubi (1.13.1)
    falcon (0.52.3)
      async
      async-container (~> 0.20)
      async-container-supervisor (~> 0.5.0)
      async-http (~> 0.75)
      async-http-cache (~> 0.4)
      async-service (~> 0.10)
      bundler
      localhost (~> 1.1)
      openssl (~> 3.0)
      protocol-http (~> 0.31)
      protocol-rack (~> 0.7)
      samovar (~> 2.3)
    falcon-rails (0.2.4)
      async-cable
      async-job-adapter-active_job
      async-websocket
      bake
      console-adapter-rails
      falcon
      live
      rails (>= 8.0)
    ffi (1.17.2-aarch64-linux-gnu)
    ffi (1.17.2-aarch64-linux-musl)
    ffi (1.17.2-arm-linux-gnu)
    ffi (1.17.2-arm-linux-musl)
    ffi (1.17.2-arm64-darwin)
    ffi (1.17.2-x86_64-darwin)
    ffi (1.17.2-x86_64-linux-gnu)
    ffi (1.17.2-x86_64-linux-musl)
    fiber-annotation (0.2.0)
    fiber-local (1.1.0)
      fiber-storage
    fiber-storage (1.0.1)
    globalid (1.3.0)
      activesupport (>= 6.1)
    i18n (1.14.7)
      concurrent-ruby (~> 1.0)
    image_processing (1.14.0)
      mini_magick (>= 4.9.5, < 6)
      ruby-vips (>= 2.0.17, < 3)
    importmap-rails (2.2.2)
      actionpack (>= 6.0.0)
      activesupport (>= 6.0.0)
      railties (>= 6.0.0)
    io-console (0.8.1)
    io-endpoint (0.15.2)
    io-event (1.14.0)
    io-stream (0.10.0)
    irb (1.15.2)
      pp (>= 0.6.0)
      rdoc (>= 4.0.0)
      reline (>= 0.4.2)
    jbuilder (2.14.1)
      actionview (>= 7.0.0)
      activesupport (>= 7.0.0)
    json (2.15.0)
    libdatadog (18.1.0.1.0)
    libdatadog (18.1.0.1.0-aarch64-linux)
    libdatadog (18.1.0.1.0-x86_64-linux)
    libddwaf (1.24.1.2.1)
      ffi (~> 1.0)
    libddwaf (1.24.1.2.1-aarch64-linux)
      ffi (~> 1.0)
    libddwaf (1.24.1.2.1-arm64-darwin)
      ffi (~> 1.0)
    libddwaf (1.24.1.2.1-x86_64-darwin)
      ffi (~> 1.0)
    libddwaf (1.24.1.2.1-x86_64-linux)
      ffi (~> 1.0)
    live (0.18.0)
      async-websocket (~> 0.27)
      protocol-websocket (~> 0.19)
      xrb (~> 0.10)
    localhost (1.6.0)
    logger (1.7.0)
    loofah (2.24.1)
      crass (~> 1.0.2)
      nokogiri (>= 1.12.0)
    mail (2.8.1)
      mini_mime (>= 0.1.1)
      net-imap
      net-pop
      net-smtp
    mapping (1.1.3)
    marcel (1.1.0)
    markly (0.14.1)
    matrix (0.4.3)
    memory-leak (0.5.2)
    metrics (0.15.0)
    metrics-backend-datadog (0.2.2)
      dogstatsd-ruby (~> 5.0)
      metrics
    mini_magick (5.3.1)
      logger
    mini_mime (1.1.5)
    minitest (5.25.5)
    msgpack (1.8.0)
    net-imap (0.5.10)
      date
      net-protocol
    net-pop (0.1.2)
      net-protocol
    net-protocol (0.2.2)
      timeout
    net-smtp (0.5.1)
      net-protocol
    nio4r (2.7.4)
    nokogiri (1.18.10-aarch64-linux-gnu)
      racc (~> 1.4)
    nokogiri (1.18.10-aarch64-linux-musl)
      racc (~> 1.4)
    nokogiri (1.18.10-arm-linux-gnu)
      racc (~> 1.4)
    nokogiri (1.18.10-arm-linux-musl)
      racc (~> 1.4)
    nokogiri (1.18.10-arm64-darwin)
      racc (~> 1.4)
    nokogiri (1.18.10-x86_64-darwin)
      racc (~> 1.4)
    nokogiri (1.18.10-x86_64-linux-gnu)
      racc (~> 1.4)
    nokogiri (1.18.10-x86_64-linux-musl)
      racc (~> 1.4)
    openssl (3.3.0)
    pp (0.6.2)
      prettyprint
    prettyprint (0.2.0)
    protocol-hpack (1.5.1)
    protocol-http (0.54.0)
    protocol-http1 (0.35.1)
      protocol-http (~> 0.22)
    protocol-http2 (0.23.0)
      protocol-hpack (~> 1.4)
      protocol-http (~> 0.47)
    protocol-rack (0.16.0)
      io-stream (>= 0.10)
      protocol-http (~> 0.43)
      rack (>= 1.0)
    protocol-redis (0.13.0)
    protocol-websocket (0.20.2)
      protocol-http (~> 0.2)
    psych (5.2.6)
      date
      stringio
    public_suffix (6.0.2)
    racc (1.8.1)
    rack (3.2.1)
    rack-session (2.1.1)
      base64 (>= 0.1.0)
      rack (>= 3.0.0)
    rack-test (2.2.0)
      rack (>= 1.3)
    rackup (2.2.1)
      rack (>= 3)
    rails-dom-testing (2.3.0)
      activesupport (>= 5.0.0)
      minitest
      nokogiri (>= 1.6)
    rails-html-sanitizer (1.6.2)
      loofah (~> 2.21)
      nokogiri (>= 1.15.7, != 1.16.7, != 1.16.6, != 1.16.5, != 1.16.4, != 1.16.3, != 1.16.2, != 1.16.1, != 1.16.0.rc1, != 1.16.0)
    rake (13.3.0)
    rdoc (6.14.2)
      erb
      psych (>= 4.0.0)
    redis (5.4.1)
      redis-client (>= 0.22.0)
    redis-client (0.26.0)
      connection_pool
    regexp_parser (2.11.3)
    reline (0.6.2)
      io-console (~> 0.5)
    rexml (3.4.4)
    ruby-vips (2.2.5)
      ffi (~> 1.12)
      logger
    rubyzip (3.1.0)
    samovar (2.3.0)
      console (~> 1.0)
      mapping (~> 1.0)
    securerandom (0.4.1)
    selenium-webdriver (4.35.0)
      base64 (~> 0.2)
      logger (~> 1.4)
      rexml (~> 3.2, >= 3.2.5)
      rubyzip (>= 1.2.2, < 4.0)
      websocket (~> 1.0)
    sprockets (4.2.2)
      concurrent-ruby (~> 1.0)
      logger
      rack (>= 2.2.4, < 4)
    sprockets-rails (3.5.2)
      actionpack (>= 6.1)
      activesupport (>= 6.1)
      sprockets (>= 3.0.0)
    sqlite3 (2.7.4-aarch64-linux-gnu)
    sqlite3 (2.7.4-aarch64-linux-musl)
    sqlite3 (2.7.4-arm-linux-gnu)
    sqlite3 (2.7.4-arm-linux-musl)
    sqlite3 (2.7.4-arm64-darwin)
    sqlite3 (2.7.4-x86_64-darwin)
    sqlite3 (2.7.4-x86_64-linux-gnu)
    sqlite3 (2.7.4-x86_64-linux-musl)
    stimulus-rails (1.3.4)
      railties (>= 6.0.0)
    string-format (0.2.0)
    stringio (3.1.7)
    thor (1.4.0)
    thread-local (1.1.0)
    timeout (0.4.3)
    traces (0.18.2)
    traces-backend-datadog (0.8.0)
      datadog (~> 2.3)
      traces (~> 0.10)
    tsort (0.2.0)
    turbo-rails (2.0.16)
      actionpack (>= 7.1.0)
      railties (>= 7.1.0)
    tzinfo (2.0.6)
      concurrent-ruby (~> 1.0)
    uri (1.0.3)
    useragent (0.16.11)
    web-console (4.2.1)
      actionview (>= 6.0.0)
      activemodel (>= 6.0.0)
      bindex (>= 0.4.0)
      railties (>= 6.0.0)
    websocket (1.2.11)
    websocket-driver (0.8.0)
      base64
      websocket-extensions (>= 0.1.0)
    websocket-extensions (0.1.5)
    xpath (3.2.0)
      nokogiri (~> 1.8)
    xrb (0.11.2)
    zeitwerk (2.7.3)

PLATFORMS
  aarch64-linux
  aarch64-linux-gnu
  aarch64-linux-musl
  arm-linux-gnu
  arm-linux-musl
  arm64-darwin
  x86_64-darwin
  x86_64-linux-gnu
  x86_64-linux-musl

DEPENDENCIES
  agent-context
  async-job-adapter-active_job
  async-job-processor-redis
  async-ollama
  async-redis
  bootsnap
  capybara
  console
  console-output-datadog
  falcon-rails
  image_processing (~> 1.2)
  importmap-rails
  jbuilder
  live
  markly
  metrics
  metrics-backend-datadog
  rails!
  redis (>= 4.0.1)
  selenium-webdriver
  sprockets-rails
  sqlite3 (~> 2.0)
  stimulus-rails
  thread-local
  traces
  traces-backend-datadog
  turbo-rails
  tzinfo-data
  web-console

BUNDLED WITH
   2.6.9
